STORAGE: NONE
RESTRICTION: >= netstandard2.0
NUGET
  remote: https://api.nuget.org/v3/index.json
    Dmx.Amyris.Bio (2.0.30)
      FSharp.Core (>= 4.0 < 5.0)
    FSharp.Collections.ParallelSeq (1.1.4)
      FSharp.Core (>= 4.7.1)
      System.ValueTuple (>= 4.4) - restriction: && (>= net45) (>= netstandard2.0)
    FSharp.Core (4.7.2)
    FSharp.Data (3.3.3)
      FSharp.Core (>= 4.0.0.1) - restriction: && (>= net45) (>= netstandard2.0)
      FSharp.Core (>= 4.3.4) - restriction: && (< net45) (>= netstandard2.0)
    FsLexYacc (10.0) - storage: packages
      FSharp.Core (>= 4.3.4)
      FsLexYacc.Runtime (>= 10.0 < 10.1)
    FsLexYacc.Runtime (10.0) - storage: packages
      FSharp.Core (>= 4.3.4)
    MathNet.Numerics (4.12)
    Newtonsoft.Json (12.0.3)
    System.ValueTuple (4.5) - restriction: && (>= net45) (>= netstandard2.0)

GROUP Test
STORAGE: NONE
RESTRICTION: >= netstandard2.0
NUGET
  remote: https://api.nuget.org/v3/index.json
    FSharp.Core (4.7.2)
    Microsoft.CodeCoverage (16.7.1) - restriction: || (&& (>= net45) (>= netstandard2.0)) (>= netcoreapp2.1)
    Microsoft.DotNet.InternalAbstractions (1.0) - restriction: >= netcoreapp2.1
      System.AppContext (>= 4.1) - restriction: && (< net451) (>= netstandard2.0)
      System.Collections (>= 4.0.11) - restriction: && (< net451) (>= netstandard2.0)
      System.IO (>= 4.1) - restriction: && (< net451) (>= netstandard2.0)
      System.IO.FileSystem (>= 4.0.1) - restriction: && (< net451) (>= netstandard2.0)
      System.Reflection.TypeExtensions (>= 4.1) - restriction: && (< net451) (>= netstandard2.0)
      System.Runtime.Extensions (>= 4.1) - restriction: && (< net451) (>= netstandard2.0)
      System.Runtime.InteropServices (>= 4.1) - restriction: && (< net451) (>= netstandard2.0)
      System.Runtime.InteropServices.RuntimeInformation (>= 4.0) - restriction: && (< net451) (>= netstandard2.0)
    Microsoft.NET.Test.Sdk (16.7.1)
      Microsoft.CodeCoverage (>= 16.7.1) - restriction: || (&& (>= net45) (>= netstandard2.0)) (>= netcoreapp2.1)
      Microsoft.TestPlatform.TestHost (>= 16.7.1) - restriction: >= netcoreapp2.1
      Newtonsoft.Json (>= 9.0.1) - restriction: && (>= netstandard2.0) (>= uap10.0)
      System.ComponentModel.Primitives (>= 4.1) - restriction: && (>= netstandard2.0) (>= uap10.0)
      System.ComponentModel.TypeConverter (>= 4.1) - restriction: && (>= netstandard2.0) (>= uap10.0)
      System.Runtime.InteropServices.RuntimeInformation (>= 4.0) - restriction: && (>= netstandard2.0) (>= uap10.0)
    Microsoft.NETCore.Platforms (3.1.3) - restriction: || (&& (>= monoandroid) (>= netcoreapp2.1)) (&& (>= monotouch) (>= netcoreapp2.1)) (&& (< net35) (>= netstandard2.0)) (&& (>= net461) (>= netcoreapp2.1)) (>= netcoreapp2.0) (&& (>= netcoreapp2.1) (< netcoreapp3.0)) (&& (>= netcoreapp2.1) (< netcoreapp5.0)) (&& (>= netcoreapp2.1) (>= xamarinios)) (&& (>= netcoreapp2.1) (>= xamarinmac)) (&& (>= netcoreapp2.1) (>= xamarintvos)) (&& (>= netcoreapp2.1) (>= xamarinwatchos)) (&& (< netstandard1.0) (>= netstandard2.0) (>= win8)) (&& (< netstandard1.3) (>= netstandard2.0) (< win8) (>= wpa81)) (&& (< netstandard1.5) (>= netstandard2.0) (>= uap10.0)) (&& (>= netstandard2.0) (>= uap10.1)) (&& (>= netstandard2.0) (>= wp8))
    Microsoft.NETCore.Targets (3.1) - restriction: >= netcoreapp2.1
    Microsoft.TestPlatform.ObjectModel (16.7.1) - restriction: >= netcoreapp2.1
      NuGet.Frameworks (>= 5.0)
    Microsoft.TestPlatform.TestHost (16.7.1) - restriction: >= netcoreapp2.1
      Microsoft.TestPlatform.ObjectModel (>= 16.7.1) - restriction: || (>= netcoreapp2.1) (&& (>= netstandard2.0) (>= uap10.0))
      Newtonsoft.Json (>= 9.0.1) - restriction: || (>= netcoreapp2.1) (&& (>= netstandard2.0) (>= uap10.0))
    Microsoft.Win32.Primitives (4.3) - restriction: && (>= netcoreapp2.1) (< netcoreapp5.0)
      Microsoft.NETCore.Platforms (>= 1.1) - restriction: && (< monoandroid) (< net46) (>= netstandard2.0) (< xamarinios) (< xamarinmac)
      Microsoft.NETCore.Targets (>= 1.1) - restriction: && (< monoandroid) (< net46) (>= netstandard2.0) (< xamarinios) (< xamarinmac)
      System.Runtime (>= 4.3) - restriction: && (< monoandroid) (< net46) (>= netstandard2.0) (< xamarinios) (< xamarinmac)
    Microsoft.Win32.Registry (4.7) - restriction: && (>= netcoreapp2.1) (< netcoreapp5.0)
      System.Security.AccessControl (>= 4.7)
      System.Security.Principal.Windows (>= 4.7)
    NETStandard.Library (2.0.3) - restriction: && (< net35) (>= netstandard2.0)
      Microsoft.NETCore.Platforms (>= 1.1)
    Newtonsoft.Json (12.0.3) - restriction: || (>= netcoreapp2.1) (&& (>= netstandard2.0) (>= uap10.0))
    NuGet.Frameworks (5.7) - restriction: >= netcoreapp2.1
    NUnit (3.12)
      NETStandard.Library (>= 2.0) - restriction: && (< net35) (>= netstandard2.0)
    NUnit.ConsoleRunner (3.11.1)
    NUnit3TestAdapter (3.17)
      Microsoft.DotNet.InternalAbstractions (>= 1.0) - restriction: >= netcoreapp2.1
      System.ComponentModel.EventBasedAsync (>= 4.3) - restriction: >= netcoreapp2.1
      System.ComponentModel.TypeConverter (>= 4.3) - restriction: >= netcoreapp2.1
      System.Diagnostics.Process (>= 4.3) - restriction: >= netcoreapp2.1
      System.Reflection (>= 4.3) - restriction: >= netcoreapp2.1
      System.Runtime.InteropServices.RuntimeInformation (>= 4.3) - restriction: >= netcoreapp2.1
      System.Threading.Thread (>= 4.3) - restriction: >= netcoreapp2.1
      System.Xml.XmlDocument (>= 4.3) - restriction: >= netcoreapp2.1
      System.Xml.XPath.XmlDocument (>= 4.3) - restriction: >= netcoreapp2.1
    runtime.native.System (4.3.1) - restriction: && (>= netcoreapp2.1) (< netcoreapp5.0)
      Microsoft.NETCore.Platforms (>= 1.1.1)
      Microsoft.NETCore.Targets (>= 1.1.3)
    System.AppContext (4.3) - restriction: >= netcoreapp2.1
      System.Collections (>= 4.3) - restriction: >= netcoreapp5.0
      System.Resources.ResourceManager (>= 4.3) - restriction: >= netcoreapp5.0
      System.Runtime (>= 4.3) - restriction: || (&& (< monoandroid) (< net46) (< netstandard1.6) (>= netstandard2.0)) (&& (< monoandroid) (< net46) (>= netstandard2.0) (< xamarinios) (< xamarinmac)) (>= netcoreapp5.0)
      System.Threading (>= 4.3) - restriction: >= netcoreapp5.0
    System.Collections (4.3) - restriction: >= netcoreapp2.1
      Microsoft.NETCore.Platforms (>= 1.1) - restriction: || (&& (< monoandroid) (< net45) (< netstandard1.3) (>= netstandard2.0) (< win8) (< wpa81)) (&& (< monoandroid) (< net45) (>= netstandard2.0) (< win8) (< wpa81) (< xamarinios) (< xamarinmac)) (>= netcoreapp5.0)
      Microsoft.NETCore.Targets (>= 1.1) - restriction: || (&& (< monoandroid) (< net45) (< netstandard1.3) (>= netstandard2.0) (< win8) (< wpa81)) (&& (< monoandroid) (< net45) (>= netstandard2.0) (< win8) (< wpa81) (< xamarinios) (< xamarinmac)) (>= netcoreapp5.0)
      System.Runtime (>= 4.3) - restriction: || (&& (< monoandroid) (< net45) (< netstandard1.3) (>= netstandard2.0) (< win8) (< wpa81)) (&& (< monoandroid) (< net45) (>= netstandard2.0) (< win8) (< wpa81) (< xamarinios) (< xamarinmac)) (>= netcoreapp5.0)
    System.Collections.NonGeneric (4.3) - restriction: >= netcoreapp2.1
      System.Diagnostics.Debug (>= 4.3) - restriction: && (< monoandroid) (< net46) (>= netstandard2.0) (< xamarinios) (< xamarinmac)
      System.Globalization (>= 4.3) - restriction: && (< monoandroid) (< net46) (>= netstandard2.0) (< xamarinios) (< xamarinmac)
      System.Resources.ResourceManager (>= 4.3) - restriction: && (< monoandroid) (< net46) (>= netstandard2.0) (< xamarinios) (< xamarinmac)
      System.Runtime (>= 4.3) - restriction: && (< monoandroid) (< net46) (>= netstandard2.0) (< xamarinios) (< xamarinmac)
      System.Runtime.Extensions (>= 4.3) - restriction: && (< monoandroid) (< net46) (>= netstandard2.0) (< xamarinios) (< xamarinmac)
      System.Threading (>= 4.3) - restriction: && (< monoandroid) (< net46) (>= netstandard2.0) (< xamarinios) (< xamarinmac)
    System.Collections.Specialized (4.3) - restriction: >= netcoreapp2.1
      System.Collections.NonGeneric (>= 4.3) - restriction: && (< monoandroid) (< net46) (>= netstandard2.0) (< xamarinios) (< xamarinmac)
      System.Globalization (>= 4.3) - restriction: && (< monoandroid) (< net46) (>= netstandard2.0) (< xamarinios) (< xamarinmac)
      System.Globalization.Extensions (>= 4.3) - restriction: && (< monoandroid) (< net46) (>= netstandard2.0) (< xamarinios) (< xamarinmac)
      System.Resources.ResourceManager (>= 4.3) - restriction: && (< monoandroid) (< net46) (>= netstandard2.0) (< xamarinios) (< xamarinmac)
      System.Runtime (>= 4.3) - restriction: && (< monoandroid) (< net46) (>= netstandard2.0) (< xamarinios) (< xamarinmac)
      System.Runtime.Extensions (>= 4.3) - restriction: && (< monoandroid) (< net46) (>= netstandard2.0) (< xamarinios) (< xamarinmac)
      System.Threading (>= 4.3) - restriction: && (< monoandroid) (< net46) (>= netstandard2.0) (< xamarinios) (< xamarinmac)
    System.ComponentModel (4.3) - restriction: >= netcoreapp2.1
      System.Runtime (>= 4.3) - restriction: || (&& (< monoandroid) (< net45) (< netstandard1.3) (>= netstandard2.0) (< win8) (< wpa81)) (&& (< monoandroid) (< net45) (>= netstandard2.0) (< win8) (< wpa81) (< xamarinios) (< xamarinmac)) (>= netcoreapp5.0)
    System.ComponentModel.EventBasedAsync (4.3) - restriction: >= netcoreapp2.1
      System.Resources.ResourceManager (>= 4.3) - restriction: || (&& (< monoandroid) (< net45) (>= netstandard2.0) (< win8) (< wpa81) (< xamarinios) (< xamarinmac)) (>= netcoreapp5.0)
      System.Runtime (>= 4.3) - restriction: || (&& (< monoandroid) (< net45) (< netstandard1.3) (>= netstandard2.0) (< win8) (< wpa81)) (&& (< monoandroid) (< net45) (>= netstandard2.0) (< win8) (< wpa81) (< xamarinios) (< xamarinmac)) (>= netcoreapp5.0)
      System.Threading (>= 4.3) - restriction: || (&& (< monoandroid) (< net45) (>= netstandard2.0) (< win8) (< wpa81) (< xamarinios) (< xamarinmac)) (>= netcoreapp5.0)
      System.Threading.Tasks (>= 4.3) - restriction: || (&& (< monoandroid) (< net45) (>= netstandard2.0) (< win8) (< wpa81) (< xamarinios) (< xamarinmac)) (>= netcoreapp5.0)
    System.ComponentModel.Primitives (4.3) - restriction: || (>= netcoreapp2.1) (&& (>= netstandard2.0) (>= uap10.0))
    System.ComponentModel.TypeConverter (4.3) - restriction: || (>= netcoreapp2.1) (&& (>= netstandard2.0) (>= uap10.0))
      System.Collections (>= 4.3) - restriction: || (&& (< monoandroid) (< net45) (< netstandard1.5) (>= netstandard2.0) (< win8) (< wpa81)) (&& (< monoandroid) (< net45) (>= netstandard2.0) (< win8) (< wpa81) (< xamarinios) (< xamarinmac))
      System.Collections.NonGeneric (>= 4.3) - restriction: || (&& (< monoandroid) (< net45) (>= netstandard2.0) (< win8) (< wpa81) (< xamarinios) (< xamarinmac)) (&& (>= net462) (>= netstandard2.0))
      System.Collections.Specialized (>= 4.3) - restriction: && (< monoandroid) (< net45) (>= netstandard2.0) (< win8) (< wpa81) (< xamarinios) (< xamarinmac)
      System.ComponentModel (>= 4.3) - restriction: || (&& (< monoandroid) (< net45) (< netstandard1.5) (>= netstandard2.0) (< win8) (< wpa81)) (&& (< monoandroid) (< net45) (>= netstandard2.0) (< win8) (< wpa81) (< xamarinios) (< xamarinmac))
      System.ComponentModel.Primitives (>= 4.3) - restriction: || (&& (< monoandroid) (< net45) (< netstandard1.5) (>= netstandard2.0) (< win8)) (&& (< monoandroid) (< net45) (>= netstandard2.0) (< win8) (< xamarinios) (< xamarinmac)) (&& (>= net45) (< netstandard1.5) (>= netstandard2.0)) (&& (>= net462) (>= netstandard2.0)) (&& (< netstandard1.0) (>= netstandard2.0) (>= win8)) (&& (>= netstandard2.0) (>= wp8)) (&& (>= netstandard2.0) (>= wpa81))
      System.Globalization (>= 4.3) - restriction: || (&& (< monoandroid) (< net45) (< netstandard1.5) (>= netstandard2.0) (< win8) (< wpa81)) (&& (< monoandroid) (< net45) (>= netstandard2.0) (< win8) (< wpa81) (< xamarinios) (< xamarinmac))
      System.Linq (>= 4.3) - restriction: && (< monoandroid) (< net45) (>= netstandard2.0) (< win8) (< wpa81) (< xamarinios) (< xamarinmac)
      System.Reflection (>= 4.3) - restriction: || (&& (< monoandroid) (< net45) (< netstandard1.5) (>= netstandard2.0) (< win8) (< wpa81)) (&& (< monoandroid) (< net45) (>= netstandard2.0) (< win8) (< wpa81) (< xamarinios) (< xamarinmac))
      System.Reflection.Extensions (>= 4.3) - restriction: || (&& (< monoandroid) (< net45) (< netstandard1.5) (>= netstandard2.0) (< win8) (< wpa81)) (&& (< monoandroid) (< net45) (>= netstandard2.0) (< win8) (< wpa81) (< xamarinios) (< xamarinmac))
      System.Reflection.Primitives (>= 4.3) - restriction: || (&& (< monoandroid) (< net45) (< netstandard1.5) (>= netstandard2.0) (< win8) (< wpa81)) (&& (< monoandroid) (< net45) (>= netstandard2.0) (< win8) (< wpa81) (< xamarinios) (< xamarinmac))
      System.Reflection.TypeExtensions (>= 4.3) - restriction: && (< monoandroid) (< net45) (>= netstandard2.0) (< win8) (< wpa81) (< xamarinios) (< xamarinmac)
      System.Resources.ResourceManager (>= 4.3) - restriction: || (&& (< monoandroid) (< net45) (< netstandard1.5) (>= netstandard2.0) (< win8) (< wpa81)) (&& (< monoandroid) (< net45) (>= netstandard2.0) (< win8) (< wpa81) (< xamarinios) (< xamarinmac))
      System.Runtime (>= 4.3) - restriction: || (&& (< monoandroid) (< net45) (< netstandard1.5) (>= netstandard2.0) (< win8) (< wpa81)) (&& (< monoandroid) (< net45) (>= netstandard2.0) (< win8) (< wpa81) (< xamarinios) (< xamarinmac))
      System.Runtime.Extensions (>= 4.3) - restriction: || (&& (< monoandroid) (< net45) (< netstandard1.5) (>= netstandard2.0) (< win8) (< wpa81)) (&& (< monoandroid) (< net45) (>= netstandard2.0) (< win8) (< wpa81) (< xamarinios) (< xamarinmac))
      System.Threading (>= 4.3) - restriction: || (&& (< monoandroid) (< net45) (< netstandard1.5) (>= netstandard2.0) (< win8) (< wpa81)) (&& (< monoandroid) (< net45) (>= netstandard2.0) (< win8) (< wpa81) (< xamarinios) (< xamarinmac))
    System.Diagnostics.Contracts (4.3) - restriction: >= netcoreapp5.0
      System.Runtime (>= 4.3) - restriction: || (&& (< monoandroid) (< net45) (>= netstandard2.0) (< win8) (< wpa81) (< xamarinios) (< xamarinmac)) (>= netcoreapp5.0)
    System.Diagnostics.Debug (4.3) - restriction: >= netcoreapp2.1
      Microsoft.NETCore.Platforms (>= 1.1) - restriction: || (&& (< monoandroid) (< net45) (< netstandard1.3) (>= netstandard2.0) (< win8) (< wpa81)) (&& (< monoandroid) (< net45) (>= netstandard2.0) (< win8) (< wpa81) (< xamarinios) (< xamarinmac)) (>= netcoreapp5.0)
      Microsoft.NETCore.Targets (>= 1.1) - restriction: || (&& (< monoandroid) (< net45) (< netstandard1.3) (>= netstandard2.0) (< win8) (< wpa81)) (&& (< monoandroid) (< net45) (>= netstandard2.0) (< win8) (< wpa81) (< xamarinios) (< xamarinmac)) (>= netcoreapp5.0)
      System.Runtime (>= 4.3) - restriction: || (&& (< monoandroid) (< net45) (< netstandard1.3) (>= netstandard2.0) (< win8) (< wpa81)) (&& (< monoandroid) (< net45) (>= netstandard2.0) (< win8) (< wpa81) (< xamarinios) (< xamarinmac)) (>= netcoreapp5.0)
    System.Diagnostics.Process (4.3) - restriction: >= netcoreapp2.1
      Microsoft.NETCore.Platforms (>= 1.1) - restriction: && (< monoandroid) (< net46) (< netcoreapp5.0) (>= netstandard2.0) (< xamarinios) (< xamarinmac)
      Microsoft.Win32.Primitives (>= 4.3) - restriction: && (< monoandroid) (< net46) (< netcoreapp5.0) (>= netstandard2.0) (< xamarinios) (< xamarinmac)
      Microsoft.Win32.Registry (>= 4.3) - restriction: && (< monoandroid) (< net46) (< netcoreapp5.0) (>= netstandard2.0) (< xamarinios) (< xamarinmac)
      runtime.native.System (>= 4.3) - restriction: && (< monoandroid) (< net46) (< netcoreapp5.0) (>= netstandard2.0) (< xamarinios) (< xamarinmac)
      System.Collections (>= 4.3) - restriction: && (< monoandroid) (< net46) (< netcoreapp5.0) (>= netstandard2.0) (< xamarinios) (< xamarinmac)
      System.Diagnostics.Debug (>= 4.3) - restriction: && (< monoandroid) (< net46) (< netcoreapp5.0) (>= netstandard2.0) (< xamarinios) (< xamarinmac)
      System.Globalization (>= 4.3) - restriction: && (< monoandroid) (< net46) (< netcoreapp5.0) (>= netstandard2.0) (< xamarinios) (< xamarinmac)
      System.IO (>= 4.3) - restriction: || (&& (< monoandroid) (< net46) (< netcoreapp5.0) (>= netstandard2.0) (< xamarinios) (< xamarinmac)) (&& (< monoandroid) (< net46) (< netstandard1.4) (>= netstandard2.0))
      System.IO.FileSystem (>= 4.3) - restriction: && (< monoandroid) (< net46) (< netcoreapp5.0) (>= netstandard2.0) (< xamarinios) (< xamarinmac)
      System.IO.FileSystem.Primitives (>= 4.3) - restriction: && (< monoandroid) (< net46) (< netcoreapp5.0) (>= netstandard2.0) (< xamarinios) (< xamarinmac)
      System.Resources.ResourceManager (>= 4.3) - restriction: && (< monoandroid) (< net46) (< netcoreapp5.0) (>= netstandard2.0) (< xamarinios) (< xamarinmac)
      System.Runtime (>= 4.3) - restriction: || (&& (< monoandroid) (< net46) (< netcoreapp5.0) (>= netstandard2.0) (< xamarinios) (< xamarinmac)) (&& (< monoandroid) (< net46) (< netstandard1.4) (>= netstandard2.0))
      System.Runtime.Extensions (>= 4.3) - restriction: && (< monoandroid) (< net46) (< netcoreapp5.0) (>= netstandard2.0) (< xamarinios) (< xamarinmac)
      System.Runtime.Handles (>= 4.3) - restriction: || (&& (< monoandroid) (< net46) (< netcoreapp5.0) (>= netstandard2.0) (< xamarinios) (< xamarinmac)) (&& (< monoandroid) (< net46) (< netstandard1.4) (>= netstandard2.0))
      System.Runtime.InteropServices (>= 4.3) - restriction: && (< monoandroid) (< net46) (< netcoreapp5.0) (>= netstandard2.0) (< xamarinios) (< xamarinmac)
      System.Text.Encoding (>= 4.3) - restriction: || (&& (< monoandroid) (< net46) (< netcoreapp5.0) (>= netstandard2.0) (< xamarinios) (< xamarinmac)) (&& (< monoandroid) (< net46) (< netstandard1.4) (>= netstandard2.0))
      System.Text.Encoding.Extensions (>= 4.3) - restriction: && (< monoandroid) (< net46) (< netcoreapp5.0) (>= netstandard2.0) (< xamarinios) (< xamarinmac)
      System.Threading (>= 4.3) - restriction: && (< monoandroid) (< net46) (< netcoreapp5.0) (>= netstandard2.0) (< xamarinios) (< xamarinmac)
      System.Threading.Tasks (>= 4.3) - restriction: && (< monoandroid) (< net46) (< netcoreapp5.0) (>= netstandard2.0) (< xamarinios) (< xamarinmac)
      System.Threading.Thread (>= 4.3) - restriction: && (< monoandroid) (< net46) (< netcoreapp5.0) (>= netstandard2.0) (< xamarinios) (< xamarinmac)
      System.Threading.ThreadPool (>= 4.3) - restriction: && (< monoandroid) (< net46) (< netcoreapp5.0) (>= netstandard2.0) (< xamarinios) (< xamarinmac)
    System.Globalization (4.3) - restriction: >= netcoreapp2.1
      Microsoft.NETCore.Platforms (>= 1.1) - restriction: || (&& (< monoandroid) (< net45) (< netstandard1.3) (>= netstandard2.0) (< win8) (< wpa81)) (&& (< monoandroid) (< net45) (>= netstandard2.0) (< win8) (< wpa81) (< xamarinios) (< xamarinmac)) (>= netcoreapp5.0)
      Microsoft.NETCore.Targets (>= 1.1) - restriction: || (&& (< monoandroid) (< net45) (< netstandard1.3) (>= netstandard2.0) (< win8) (< wpa81)) (&& (< monoandroid) (< net45) (>= netstandard2.0) (< win8) (< wpa81) (< xamarinios) (< xamarinmac)) (>= netcoreapp5.0)
      System.Runtime (>= 4.3) - restriction: || (&& (< monoandroid) (< net45) (< netstandard1.3) (>= netstandard2.0) (< win8) (< wpa81)) (&& (< monoandroid) (< net45) (>= netstandard2.0) (< win8) (< wpa81) (< xamarinios) (< xamarinmac)) (>= netcoreapp5.0)
    System.Globalization.Extensions (4.3) - restriction: >= netcoreapp2.1
      Microsoft.NETCore.Platforms (>= 1.1) - restriction: && (< monoandroid) (< net46) (>= netstandard2.0) (< xamarinios) (< xamarinmac)
      System.Globalization (>= 4.3) - restriction: && (< monoandroid) (< net46) (>= netstandard2.0) (< xamarinios) (< xamarinmac)
      System.Resources.ResourceManager (>= 4.3) - restriction: && (< monoandroid) (< net46) (>= netstandard2.0) (< xamarinios) (< xamarinmac)
      System.Runtime (>= 4.3) - restriction: && (< monoandroid) (< net46) (>= netstandard2.0) (< xamarinios) (< xamarinmac)
      System.Runtime.Extensions (>= 4.3) - restriction: && (< monoandroid) (< net46) (>= netstandard2.0) (< xamarinios) (< xamarinmac)
      System.Runtime.InteropServices (>= 4.3) - restriction: && (< monoandroid) (< net46) (>= netstandard2.0) (< xamarinios) (< xamarinmac)
    System.IO (4.3) - restriction: >= netcoreapp2.1
      Microsoft.NETCore.Platforms (>= 1.1) - restriction: || (&& (< monoandroid) (< net45) (< netstandard1.3) (>= netstandard2.0) (< win8) (< wpa81)) (&& (< monoandroid) (< net45) (< netstandard1.5) (>= netstandard2.0) (< win8) (< wpa81)) (&& (< monoandroid) (< net45) (>= netstandard2.0) (< win8) (< wpa81) (< xamarinios) (< xamarinmac)) (>= netcoreapp5.0)
      Microsoft.NETCore.Targets (>= 1.1) - restriction: || (&& (< monoandroid) (< net45) (< netstandard1.3) (>= netstandard2.0) (< win8) (< wpa81)) (&& (< monoandroid) (< net45) (< netstandard1.5) (>= netstandard2.0) (< win8) (< wpa81)) (&& (< monoandroid) (< net45) (>= netstandard2.0) (< win8) (< wpa81) (< xamarinios) (< xamarinmac)) (>= netcoreapp5.0)
      System.Runtime (>= 4.3) - restriction: || (&& (< monoandroid) (< net45) (< netstandard1.3) (>= netstandard2.0) (< win8) (< wpa81)) (&& (< monoandroid) (< net45) (< netstandard1.5) (>= netstandard2.0) (< win8) (< wpa81)) (&& (< monoandroid) (< net45) (>= netstandard2.0) (< win8) (< wpa81) (< xamarinios) (< xamarinmac)) (>= netcoreapp5.0)
      System.Text.Encoding (>= 4.3) - restriction: || (&& (< monoandroid) (< net45) (< netstandard1.3) (>= netstandard2.0) (< win8) (< wpa81)) (&& (< monoandroid) (< net45) (< netstandard1.5) (>= netstandard2.0) (< win8) (< wpa81)) (&& (< monoandroid) (< net45) (>= netstandard2.0) (< win8) (< wpa81) (< xamarinios) (< xamarinmac)) (>= netcoreapp5.0)
      System.Threading.Tasks (>= 4.3) - restriction: || (&& (< monoandroid) (< net45) (< netstandard1.3) (>= netstandard2.0) (< win8) (< wpa81)) (&& (< monoandroid) (< net45) (< netstandard1.5) (>= netstandard2.0) (< win8) (< wpa81)) (&& (< monoandroid) (< net45) (>= netstandard2.0) (< win8) (< wpa81) (< xamarinios) (< xamarinmac)) (>= netcoreapp5.0)
    System.IO.FileSystem (4.3) - restriction: >= netcoreapp2.1
      Microsoft.NETCore.Platforms (>= 1.1) - restriction: && (< monoandroid) (< net46) (>= netstandard2.0) (< xamarinios) (< xamarinmac)
      Microsoft.NETCore.Targets (>= 1.1) - restriction: && (< monoandroid) (< net46) (>= netstandard2.0) (< xamarinios) (< xamarinmac)
      System.IO (>= 4.3) - restriction: && (< monoandroid) (< net46) (>= netstandard2.0) (< xamarinios) (< xamarinmac)
      System.IO.FileSystem.Primitives (>= 4.3) - restriction: || (&& (< monoandroid) (>= netstandard2.0) (< xamarinios) (< xamarinmac)) (&& (>= net46) (>= netstandard2.0))
      System.Runtime (>= 4.3) - restriction: && (< monoandroid) (< net46) (>= netstandard2.0) (< xamarinios) (< xamarinmac)
      System.Runtime.Handles (>= 4.3) - restriction: && (< monoandroid) (< net46) (>= netstandard2.0) (< xamarinios) (< xamarinmac)
      System.Text.Encoding (>= 4.3) - restriction: && (< monoandroid) (< net46) (>= netstandard2.0) (< xamarinios) (< xamarinmac)
      System.Threading.Tasks (>= 4.3) - restriction: && (< monoandroid) (< net46) (>= netstandard2.0) (< xamarinios) (< xamarinmac)
    System.IO.FileSystem.Primitives (4.3) - restriction: >= netcoreapp2.1
      System.Runtime (>= 4.3) - restriction: && (< monoandroid) (< net46) (>= netstandard2.0) (< xamarinios) (< xamarinmac)
    System.Linq (4.3) - restriction: >= netcoreapp2.1
      System.Collections (>= 4.3) - restriction: || (&& (< monoandroid) (< net45) (< netstandard1.6) (>= netstandard2.0) (< win8) (< wpa81)) (&& (< monoandroid) (< net45) (>= netstandard2.0) (< xamarinios) (< xamarinmac)) (>= netcoreapp5.0)
      System.Diagnostics.Debug (>= 4.3) - restriction: || (&& (< monoandroid) (< net45) (>= netstandard2.0) (< xamarinios) (< xamarinmac)) (>= netcoreapp5.0)
      System.Resources.ResourceManager (>= 4.3) - restriction: || (&& (< monoandroid) (< net45) (>= netstandard2.0) (< xamarinios) (< xamarinmac)) (>= netcoreapp5.0)
      System.Runtime (>= 4.3) - restriction: || (&& (< monoandroid) (< net45) (< netstandard1.6) (>= netstandard2.0) (< win8) (< wpa81)) (&& (< monoandroid) (< net45) (>= netstandard2.0) (< xamarinios) (< xamarinmac)) (>= netcoreapp5.0)
      System.Runtime.Extensions (>= 4.3) - restriction: || (&& (< monoandroid) (< net45) (>= netstandard2.0) (< xamarinios) (< xamarinmac)) (>= netcoreapp5.0)
    System.Reflection (4.3) - restriction: >= netcoreapp2.1
      Microsoft.NETCore.Platforms (>= 1.1) - restriction: || (&& (< monoandroid) (< net45) (< netstandard1.3) (>= netstandard2.0) (< win8) (< wpa81)) (&& (< monoandroid) (< net45) (< netstandard1.5) (>= netstandard2.0) (< win8) (< wpa81)) (&& (< monoandroid) (< net45) (>= netstandard2.0) (< win8) (< wpa81) (< xamarinios) (< xamarinmac)) (>= netcoreapp5.0)
      Microsoft.NETCore.Targets (>= 1.1) - restriction: || (&& (< monoandroid) (< net45) (< netstandard1.3) (>= netstandard2.0) (< win8) (< wpa81)) (&& (< monoandroid) (< net45) (< netstandard1.5) (>= netstandard2.0) (< win8) (< wpa81)) (&& (< monoandroid) (< net45) (>= netstandard2.0) (< win8) (< wpa81) (< xamarinios) (< xamarinmac)) (>= netcoreapp5.0)
      System.IO (>= 4.3) - restriction: || (&& (< monoandroid) (< net45) (< netstandard1.3) (>= netstandard2.0) (< win8) (< wpa81)) (&& (< monoandroid) (< net45) (< netstandard1.5) (>= netstandard2.0) (< win8) (< wpa81)) (&& (< monoandroid) (< net45) (>= netstandard2.0) (< win8) (< wpa81) (< xamarinios) (< xamarinmac)) (>= netcoreapp5.0)
      System.Reflection.Primitives (>= 4.3) - restriction: || (&& (< monoandroid) (< net45) (< netstandard1.3) (>= netstandard2.0) (< win8) (< wpa81)) (&& (< monoandroid) (< net45) (< netstandard1.5) (>= netstandard2.0) (< win8) (< wpa81)) (&& (< monoandroid) (< net45) (>= netstandard2.0) (< win8) (< wpa81) (< xamarinios) (< xamarinmac)) (>= netcoreapp5.0)
      System.Runtime (>= 4.3) - restriction: || (&& (< monoandroid) (< net45) (< netstandard1.3) (>= netstandard2.0) (< win8) (< wpa81)) (&& (< monoandroid) (< net45) (< netstandard1.5) (>= netstandard2.0) (< win8) (< wpa81)) (&& (< monoandroid) (< net45) (>= netstandard2.0) (< win8) (< wpa81) (< xamarinios) (< xamarinmac)) (>= netcoreapp5.0)
    System.Reflection.Extensions (4.3) - restriction: >= netcoreapp2.1
      Microsoft.NETCore.Platforms (>= 1.1) - restriction: || (&& (< monoandroid) (< net45) (>= netstandard2.0) (< win8) (< wpa81) (< xamarinios) (< xamarinmac)) (>= netcoreapp5.0)
      Microsoft.NETCore.Targets (>= 1.1) - restriction: || (&& (< monoandroid) (< net45) (>= netstandard2.0) (< win8) (< wpa81) (< xamarinios) (< xamarinmac)) (>= netcoreapp5.0)
      System.Reflection (>= 4.3) - restriction: || (&& (< monoandroid) (< net45) (>= netstandard2.0) (< win8) (< wpa81) (< xamarinios) (< xamarinmac)) (>= netcoreapp5.0)
      System.Runtime (>= 4.3) - restriction: || (&& (< monoandroid) (< net45) (>= netstandard2.0) (< win8) (< wpa81) (< xamarinios) (< xamarinmac)) (>= netcoreapp5.0)
    System.Reflection.Primitives (4.3) - restriction: >= netcoreapp2.1
      Microsoft.NETCore.Platforms (>= 1.1) - restriction: || (&& (< monoandroid) (< net45) (>= netstandard2.0) (< win8) (< wpa81) (< xamarinios) (< xamarinmac)) (>= netcoreapp5.0)
      Microsoft.NETCore.Targets (>= 1.1) - restriction: || (&& (< monoandroid) (< net45) (>= netstandard2.0) (< win8) (< wpa81) (< xamarinios) (< xamarinmac)) (>= netcoreapp5.0)
      System.Runtime (>= 4.3) - restriction: || (&& (< monoandroid) (< net45) (>= netstandard2.0) (< win8) (< wpa81) (< xamarinios) (< xamarinmac)) (>= netcoreapp5.0)
    System.Reflection.TypeExtensions (4.7) - restriction: >= netcoreapp2.1
      System.Diagnostics.Contracts (>= 4.3) - restriction: >= netcoreapp5.0
      System.Diagnostics.Debug (>= 4.3) - restriction: >= netcoreapp5.0
      System.Linq (>= 4.3) - restriction: >= netcoreapp5.0
      System.Reflection (>= 4.3) - restriction: || (&& (< monoandroid) (< net46) (< netstandard1.5) (>= netstandard2.0)) (>= netcoreapp5.0)
      System.Reflection.Primitives (>= 4.3) - restriction: >= netcoreapp5.0
      System.Resources.ResourceManager (>= 4.3) - restriction: || (&& (< monoandroid) (< net46) (< netstandard1.5) (>= netstandard2.0)) (>= netcoreapp5.0)
      System.Runtime (>= 4.3) - restriction: || (&& (< monoandroid) (< net46) (< netstandard1.5) (>= netstandard2.0)) (>= netcoreapp5.0)
      System.Runtime.Extensions (>= 4.3) - restriction: >= netcoreapp5.0
    System.Resources.ResourceManager (4.3) - restriction: >= netcoreapp2.1
      Microsoft.NETCore.Platforms (>= 1.1) - restriction: || (&& (< monoandroid) (< net45) (>= netstandard2.0) (< win8) (< wpa81) (< xamarinios) (< xamarinmac)) (>= netcoreapp5.0)
      Microsoft.NETCore.Targets (>= 1.1) - restriction: || (&& (< monoandroid) (< net45) (>= netstandard2.0) (< win8) (< wpa81) (< xamarinios) (< xamarinmac)) (>= netcoreapp5.0)
      System.Globalization (>= 4.3) - restriction: || (&& (< monoandroid) (< net45) (>= netstandard2.0) (< win8) (< wpa81) (< xamarinios) (< xamarinmac)) (>= netcoreapp5.0)
      System.Reflection (>= 4.3) - restriction: || (&& (< monoandroid) (< net45) (>= netstandard2.0) (< win8) (< wpa81) (< xamarinios) (< xamarinmac)) (>= netcoreapp5.0)
      System.Runtime (>= 4.3) - restriction: || (&& (< monoandroid) (< net45) (>= netstandard2.0) (< win8) (< wpa81) (< xamarinios) (< xamarinmac)) (>= netcoreapp5.0)
    System.Runtime (4.3.1) - restriction: >= netcoreapp2.1
      Microsoft.NETCore.Platforms (>= 1.1.1) - restriction: || (&& (< monoandroid) (< net45) (< netstandard1.2) (>= netstandard2.0) (< win8)) (&& (< monoandroid) (< net45) (< netstandard1.3) (>= netstandard2.0) (< win8) (< wpa81)) (&& (< monoandroid) (< net45) (< netstandard1.5) (>= netstandard2.0) (< win8) (< wpa81)) (&& (< monoandroid) (< net45) (>= netstandard2.0) (< win8) (< wpa81) (< xamarinios) (< xamarinmac)) (>= netcoreapp5.0)
      Microsoft.NETCore.Targets (>= 1.1.3) - restriction: || (&& (< monoandroid) (< net45) (< netstandard1.2) (>= netstandard2.0) (< win8)) (&& (< monoandroid) (< net45) (< netstandard1.3) (>= netstandard2.0) (< win8) (< wpa81)) (&& (< monoandroid) (< net45) (< netstandard1.5) (>= netstandard2.0) (< win8) (< wpa81)) (&& (< monoandroid) (< net45) (>= netstandard2.0) (< win8) (< wpa81) (< xamarinios) (< xamarinmac)) (>= netcoreapp5.0)
    System.Runtime.Extensions (4.3.1) - restriction: >= netcoreapp2.1
      Microsoft.NETCore.Platforms (>= 1.1.1) - restriction: || (&& (< monoandroid) (< net45) (< netstandard1.3) (>= netstandard2.0) (< win8) (< wpa81)) (&& (< monoandroid) (< net45) (< netstandard1.5) (>= netstandard2.0) (< win8) (< wpa81)) (&& (< monoandroid) (< net45) (>= netstandard2.0) (< win8) (< wpa81) (< xamarinios) (< xamarinmac)) (>= netcoreapp5.0)
      Microsoft.NETCore.Targets (>= 1.1.3) - restriction: || (&& (< monoandroid) (< net45) (< netstandard1.3) (>= netstandard2.0) (< win8) (< wpa81)) (&& (< monoandroid) (< net45) (< netstandard1.5) (>= netstandard2.0) (< win8) (< wpa81)) (&& (< monoandroid) (< net45) (>= netstandard2.0) (< win8) (< wpa81) (< xamarinios) (< xamarinmac)) (>= netcoreapp5.0)
      System.Runtime (>= 4.3.1) - restriction: || (&& (< monoandroid) (< net45) (< netstandard1.3) (>= netstandard2.0) (< win8) (< wpa81)) (&& (< monoandroid) (< net45) (< netstandard1.5) (>= netstandard2.0) (< win8) (< wpa81)) (&& (< monoandroid) (< net45) (>= netstandard2.0) (< win8) (< wpa81) (< xamarinios) (< xamarinmac)) (>= netcoreapp5.0)
    System.Runtime.Handles (4.3) - restriction: || (&& (>= netcoreapp2.1) (< netcoreapp5.0)) (&& (>= netcoreapp2.1) (< netstandard1.4))
      Microsoft.NETCore.Platforms (>= 1.1) - restriction: && (< monoandroid) (< net46) (>= netstandard2.0) (< xamarinios) (< xamarinmac)
      Microsoft.NETCore.Targets (>= 1.1) - restriction: && (< monoandroid) (< net46) (>= netstandard2.0) (< xamarinios) (< xamarinmac)
      System.Runtime (>= 4.3) - restriction: && (< monoandroid) (< net46) (>= netstandard2.0) (< xamarinios) (< xamarinmac)
    System.Runtime.InteropServices (4.3) - restriction: >= netcoreapp2.1
      Microsoft.NETCore.Platforms (>= 1.1) - restriction: || (&& (< monoandroid) (< net45) (< netstandard1.2) (>= netstandard2.0) (< win8)) (&& (< monoandroid) (< net45) (< netstandard1.3) (>= netstandard2.0) (< win8) (< wpa81)) (&& (< monoandroid) (< net45) (< netstandard1.5) (>= netstandard2.0) (< win8) (< wpa81)) (&& (< monoandroid) (< net45) (>= netstandard2.0) (< win8) (< wpa81) (< xamarinios) (< xamarinmac)) (&& (>= netcoreapp1.1) (>= netstandard2.0))
      Microsoft.NETCore.Targets (>= 1.1) - restriction: || (&& (< monoandroid) (< net45) (< netstandard1.2) (>= netstandard2.0) (< win8)) (&& (< monoandroid) (< net45) (< netstandard1.3) (>= netstandard2.0) (< win8) (< wpa81)) (&& (< monoandroid) (< net45) (< netstandard1.5) (>= netstandard2.0) (< win8) (< wpa81)) (&& (< monoandroid) (< net45) (>= netstandard2.0) (< win8) (< wpa81) (< xamarinios) (< xamarinmac)) (&& (>= netcoreapp1.1) (>= netstandard2.0))
      System.Reflection (>= 4.3) - restriction: || (&& (< monoandroid) (< net45) (< netstandard1.2) (>= netstandard2.0) (< win8)) (&& (< monoandroid) (< net45) (< netstandard1.3) (>= netstandard2.0) (< win8) (< wpa81)) (&& (< monoandroid) (< net45) (< netstandard1.5) (>= netstandard2.0) (< win8) (< wpa81)) (&& (< monoandroid) (< net45) (>= netstandard2.0) (< win8) (< wpa81) (< xamarinios) (< xamarinmac)) (&& (>= netcoreapp1.1) (>= netstandard2.0))
      System.Reflection.Primitives (>= 4.3) - restriction: || (&& (< monoandroid) (< net45) (< netstandard1.2) (>= netstandard2.0) (< win8)) (&& (< monoandroid) (< net45) (< netstandard1.3) (>= netstandard2.0) (< win8) (< wpa81)) (&& (< monoandroid) (< net45) (< netstandard1.5) (>= netstandard2.0) (< win8) (< wpa81)) (&& (< monoandroid) (< net45) (>= netstandard2.0) (< win8) (< wpa81) (< xamarinios) (< xamarinmac)) (&& (>= netcoreapp1.1) (>= netstandard2.0))
      System.Runtime (>= 4.3) - restriction: || (&& (< monoandroid) (< net45) (< netstandard1.2) (>= netstandard2.0) (< win8)) (&& (< monoandroid) (< net45) (< netstandard1.3) (>= netstandard2.0) (< win8) (< wpa81)) (&& (< monoandroid) (< net45) (< netstandard1.5) (>= netstandard2.0) (< win8) (< wpa81)) (&& (< monoandroid) (< net45) (>= netstandard2.0) (< win8) (< wpa81) (< xamarinios) (< xamarinmac)) (&& (>= net462) (>= netstandard2.0)) (&& (>= netcoreapp1.1) (>= netstandard2.0))
      System.Runtime.Handles (>= 4.3) - restriction: || (&& (< monoandroid) (< net45) (< netstandard1.5) (>= netstandard2.0) (< win8) (< wpa81)) (&& (< monoandroid) (< net45) (>= netstandard2.0) (< win8) (< wpa81) (< xamarinios) (< xamarinmac)) (&& (>= netcoreapp1.1) (>= netstandard2.0))
    System.Runtime.InteropServices.RuntimeInformation (4.3) - restriction: || (>= netcoreapp2.1) (&& (>= netstandard2.0) (>= uap10.0))
      Microsoft.NETCore.Platforms (>= 1.1) - restriction: >= netcoreapp5.0
      runtime.native.System (>= 4.3) - restriction: && (< monoandroid) (< net45) (< netcoreapp5.0) (>= netstandard2.0) (< win8) (< wpa81) (< xamarinios) (< xamarinmac)
      System.Reflection (>= 4.3) - restriction: || (&& (< monoandroid) (< net45) (>= netstandard2.0) (< win8) (< wpa81) (< xamarinios) (< xamarinmac)) (>= netcoreapp5.0)
      System.Reflection.Extensions (>= 4.3) - restriction: || (&& (< monoandroid) (< net45) (>= netstandard2.0) (< win8) (< wpa81) (< xamarinios) (< xamarinmac)) (>= netcoreapp5.0)
      System.Resources.ResourceManager (>= 4.3) - restriction: || (&& (< monoandroid) (< net45) (>= netstandard2.0) (< win8) (< wpa81) (< xamarinios) (< xamarinmac)) (>= netcoreapp5.0)
      System.Runtime (>= 4.3) - restriction: || (&& (< monoandroid) (< net45) (>= netstandard2.0) (< win8) (< wpa81) (< xamarinios) (< xamarinmac)) (>= netcoreapp5.0)
      System.Runtime.InteropServices (>= 4.3) - restriction: && (< monoandroid) (< net45) (< netcoreapp5.0) (>= netstandard2.0) (< win8) (< wpa81) (< xamarinios) (< xamarinmac)
      System.Threading (>= 4.3) - restriction: || (&& (< monoandroid) (< net45) (>= netstandard2.0) (< win8) (< wpa81) (< xamarinios) (< xamarinmac)) (>= netcoreapp5.0)
    System.Security.AccessControl (4.7) - restriction: || (&& (>= monoandroid) (>= netcoreapp2.1)) (&& (>= monotouch) (>= netcoreapp2.1)) (&& (>= net461) (>= netcoreapp2.1)) (&& (>= netcoreapp2.1) (< netcoreapp5.0)) (&& (>= netcoreapp2.1) (>= xamarinios)) (&& (>= netcoreapp2.1) (>= xamarinmac)) (&& (>= netcoreapp2.1) (>= xamarintvos)) (&& (>= netcoreapp2.1) (>= xamarinwatchos))
      Microsoft.NETCore.Platforms (>= 3.1) - restriction: >= netcoreapp2.0
      System.Security.Principal.Windows (>= 4.7)
    System.Security.Principal.Windows (4.7) - restriction: || (&& (>= monoandroid) (>= netcoreapp2.1)) (&& (>= monotouch) (>= netcoreapp2.1)) (&& (>= net461) (>= netcoreapp2.1)) (&& (>= netcoreapp2.1) (< netcoreapp5.0)) (&& (>= netcoreapp2.1) (>= xamarinios)) (&& (>= netcoreapp2.1) (>= xamarinmac)) (&& (>= netcoreapp2.1) (>= xamarintvos)) (&& (>= netcoreapp2.1) (>= xamarinwatchos))
      Microsoft.NETCore.Platforms (>= 3.1) - restriction: || (&& (>= netcoreapp2.0) (< netcoreapp2.1)) (&& (>= netcoreapp2.1) (< netcoreapp3.0))
    System.Text.Encoding (4.3) - restriction: >= netcoreapp2.1
      Microsoft.NETCore.Platforms (>= 1.1) - restriction: || (&& (< monoandroid) (< net45) (< netstandard1.3) (>= netstandard2.0) (< win8) (< wpa81)) (&& (< monoandroid) (< net45) (>= netstandard2.0) (< win8) (< wpa81) (< xamarinios) (< xamarinmac)) (>= netcoreapp5.0)
      Microsoft.NETCore.Targets (>= 1.1) - restriction: || (&& (< monoandroid) (< net45) (< netstandard1.3) (>= netstandard2.0) (< win8) (< wpa81)) (&& (< monoandroid) (< net45) (>= netstandard2.0) (< win8) (< wpa81) (< xamarinios) (< xamarinmac)) (>= netcoreapp5.0)
      System.Runtime (>= 4.3) - restriction: || (&& (< monoandroid) (< net45) (< netstandard1.3) (>= netstandard2.0) (< win8) (< wpa81)) (&& (< monoandroid) (< net45) (>= netstandard2.0) (< win8) (< wpa81) (< xamarinios) (< xamarinmac)) (>= netcoreapp5.0)
    System.Text.Encoding.Extensions (4.3) - restriction: >= netcoreapp2.1
      Microsoft.NETCore.Platforms (>= 1.1) - restriction: || (&& (< monoandroid) (< net45) (< netstandard1.3) (>= netstandard2.0) (< win8) (< wpa81)) (&& (< monoandroid) (< net45) (>= netstandard2.0) (< win8) (< wpa81) (< xamarinios) (< xamarinmac)) (>= netcoreapp5.0)
      Microsoft.NETCore.Targets (>= 1.1) - restriction: || (&& (< monoandroid) (< net45) (< netstandard1.3) (>= netstandard2.0) (< win8) (< wpa81)) (&& (< monoandroid) (< net45) (>= netstandard2.0) (< win8) (< wpa81) (< xamarinios) (< xamarinmac)) (>= netcoreapp5.0)
      System.Runtime (>= 4.3) - restriction: || (&& (< monoandroid) (< net45) (< netstandard1.3) (>= netstandard2.0) (< win8) (< wpa81)) (&& (< monoandroid) (< net45) (>= netstandard2.0) (< win8) (< wpa81) (< xamarinios) (< xamarinmac)) (>= netcoreapp5.0)
      System.Text.Encoding (>= 4.3) - restriction: || (&& (< monoandroid) (< net45) (< netstandard1.3) (>= netstandard2.0) (< win8) (< wpa81)) (&& (< monoandroid) (< net45) (>= netstandard2.0) (< win8) (< wpa81) (< xamarinios) (< xamarinmac)) (>= netcoreapp5.0)
    System.Text.RegularExpressions (4.3.1) - restriction: >= netcoreapp2.1
      System.Collections (>= 4.3) - restriction: || (&& (< monoandroid) (< net45) (< netcoreapp1.1) (>= netstandard2.0) (< xamarinios) (< xamarinmac)) (>= netcoreapp5.0)
      System.Globalization (>= 4.3) - restriction: || (&& (< monoandroid) (< net45) (< netcoreapp1.1) (>= netstandard2.0) (< xamarinios) (< xamarinmac)) (>= netcoreapp5.0)
      System.Resources.ResourceManager (>= 4.3) - restriction: || (&& (< monoandroid) (< net45) (< netcoreapp1.1) (>= netstandard2.0) (< xamarinios) (< xamarinmac)) (>= netcoreapp5.0)
      System.Runtime (>= 4.3.1) - restriction: || (&& (< monoandroid) (< net45) (< netstandard1.3) (>= netstandard2.0) (< win8) (< wpa81)) (&& (< monoandroid) (< net45) (< netstandard1.6) (>= netstandard2.0) (< win8) (< wpa81)) (&& (< monoandroid) (< net45) (>= netstandard2.0) (< xamarinios) (< xamarinmac)) (&& (>= netcoreapp1.1) (>= netstandard2.0))
      System.Runtime.Extensions (>= 4.3.1) - restriction: || (&& (< monoandroid) (< net45) (< netcoreapp1.1) (>= netstandard2.0) (< xamarinios) (< xamarinmac)) (>= netcoreapp5.0)
      System.Threading (>= 4.3) - restriction: || (&& (< monoandroid) (< net45) (< netcoreapp1.1) (>= netstandard2.0) (< xamarinios) (< xamarinmac)) (>= netcoreapp5.0)
    System.Threading (4.3) - restriction: >= netcoreapp2.1
      System.Runtime (>= 4.3) - restriction: || (&& (< monoandroid) (< net45) (< netstandard1.3) (>= netstandard2.0) (< win8) (< wpa81)) (&& (< monoandroid) (< net45) (>= netstandard2.0) (< win8) (< wpa81) (< xamarinios) (< xamarinmac)) (>= netcoreapp5.0)
      System.Threading.Tasks (>= 4.3) - restriction: || (&& (< monoandroid) (< net45) (< netstandard1.3) (>= netstandard2.0) (< win8) (< wpa81)) (&& (< monoandroid) (< net45) (>= netstandard2.0) (< win8) (< wpa81) (< xamarinios) (< xamarinmac)) (>= netcoreapp5.0)
    System.Threading.Tasks (4.3) - restriction: >= netcoreapp2.1
      Microsoft.NETCore.Platforms (>= 1.1) - restriction: || (&& (< monoandroid) (< net45) (< netstandard1.3) (>= netstandard2.0) (< win8) (< wpa81)) (&& (< monoandroid) (< net45) (>= netstandard2.0) (< win8) (< wpa81) (< xamarinios) (< xamarinmac)) (>= netcoreapp5.0)
      Microsoft.NETCore.Targets (>= 1.1) - restriction: || (&& (< monoandroid) (< net45) (< netstandard1.3) (>= netstandard2.0) (< win8) (< wpa81)) (&& (< monoandroid) (< net45) (>= netstandard2.0) (< win8) (< wpa81) (< xamarinios) (< xamarinmac)) (>= netcoreapp5.0)
      System.Runtime (>= 4.3) - restriction: || (&& (< monoandroid) (< net45) (< netstandard1.3) (>= netstandard2.0) (< win8) (< wpa81)) (&& (< monoandroid) (< net45) (>= netstandard2.0) (< win8) (< wpa81) (< xamarinios) (< xamarinmac)) (>= netcoreapp5.0)
    System.Threading.Tasks.Extensions (4.5.4) - restriction: >= netcoreapp2.1
    System.Threading.Thread (4.3) - restriction: >= netcoreapp2.1
      System.Runtime (>= 4.3) - restriction: && (< monoandroid) (< net46) (< netcoreapp5.0) (>= netstandard2.0) (< xamarinios) (< xamarinmac)
    System.Threading.ThreadPool (4.3) - restriction: && (>= netcoreapp2.1) (< netcoreapp5.0)
      System.Runtime (>= 4.3) - restriction: && (< monoandroid) (< net46) (< netcoreapp5.0) (>= netstandard2.0) (< xamarinios) (< xamarinmac)
      System.Runtime.Handles (>= 4.3) - restriction: && (< monoandroid) (< net46) (< netcoreapp5.0) (>= netstandard2.0) (< xamarinios) (< xamarinmac)
    System.Xml.ReaderWriter (4.3.1) - restriction: >= netcoreapp2.1
      System.Collections (>= 4.3) - restriction: || (&& (< monoandroid) (< net45) (>= netstandard2.0) (< win8) (< wpa81) (< xamarinios) (< xamarinmac)) (>= netcoreapp5.0)
      System.Diagnostics.Debug (>= 4.3) - restriction: || (&& (< monoandroid) (< net45) (>= netstandard2.0) (< win8) (< wpa81) (< xamarinios) (< xamarinmac)) (>= netcoreapp5.0)
      System.Globalization (>= 4.3) - restriction: || (&& (< monoandroid) (< net45) (>= netstandard2.0) (< win8) (< wpa81) (< xamarinios) (< xamarinmac)) (>= netcoreapp5.0)
      System.IO (>= 4.3) - restriction: || (&& (< monoandroid) (< net45) (< netstandard1.3) (>= netstandard2.0) (< win8) (< wpa81)) (&& (< monoandroid) (< net45) (>= netstandard2.0) (< win8) (< wpa81) (< xamarinios) (< xamarinmac)) (>= netcoreapp5.0)
      System.IO.FileSystem (>= 4.3) - restriction: || (&& (< monoandroid) (< net45) (>= netstandard2.0) (< win8) (< wpa81) (< xamarinios) (< xamarinmac)) (>= netcoreapp5.0)
      System.IO.FileSystem.Primitives (>= 4.3) - restriction: || (&& (< monoandroid) (< net45) (>= netstandard2.0) (< win8) (< wpa81) (< xamarinios) (< xamarinmac)) (>= netcoreapp5.0)
      System.Resources.ResourceManager (>= 4.3) - restriction: || (&& (< monoandroid) (< net45) (>= netstandard2.0) (< win8) (< wpa81) (< xamarinios) (< xamarinmac)) (>= netcoreapp5.0)
      System.Runtime (>= 4.3) - restriction: || (&& (< monoandroid) (< net45) (< netstandard1.3) (>= netstandard2.0) (< win8) (< wpa81)) (&& (< monoandroid) (< net45) (>= netstandard2.0) (< win8) (< wpa81) (< xamarinios) (< xamarinmac)) (>= netcoreapp5.0)
      System.Runtime.Extensions (>= 4.3) - restriction: || (&& (< monoandroid) (< net45) (>= netstandard2.0) (< win8) (< wpa81) (< xamarinios) (< xamarinmac)) (>= netcoreapp5.0)
      System.Runtime.InteropServices (>= 4.3) - restriction: || (&& (< monoandroid) (< net45) (>= netstandard2.0) (< win8) (< wpa81) (< xamarinios) (< xamarinmac)) (>= netcoreapp5.0)
      System.Text.Encoding (>= 4.3) - restriction: || (&& (< monoandroid) (< net45) (< netstandard1.3) (>= netstandard2.0) (< win8) (< wpa81)) (&& (< monoandroid) (< net45) (>= netstandard2.0) (< win8) (< wpa81) (< xamarinios) (< xamarinmac)) (>= netcoreapp5.0)
      System.Text.Encoding.Extensions (>= 4.3) - restriction: || (&& (< monoandroid) (< net45) (>= netstandard2.0) (< win8) (< wpa81) (< xamarinios) (< xamarinmac)) (>= netcoreapp5.0)
      System.Text.RegularExpressions (>= 4.3) - restriction: || (&& (< monoandroid) (< net45) (>= netstandard2.0) (< win8) (< wpa81) (< xamarinios) (< xamarinmac)) (>= netcoreapp5.0)
      System.Threading.Tasks (>= 4.3) - restriction: || (&& (< monoandroid) (< net45) (< netstandard1.3) (>= netstandard2.0) (< win8) (< wpa81)) (&& (< monoandroid) (< net45) (>= netstandard2.0) (< win8) (< wpa81) (< xamarinios) (< xamarinmac)) (>= netcoreapp5.0)
      System.Threading.Tasks.Extensions (>= 4.3) - restriction: || (&& (< monoandroid) (< net45) (>= netstandard2.0) (< win8) (< wpa81) (< xamarinios) (< xamarinmac)) (>= netcoreapp5.0)
    System.Xml.XmlDocument (4.3) - restriction: >= netcoreapp2.1
      System.Collections (>= 4.3) - restriction: && (< monoandroid) (< net46) (>= netstandard2.0) (< xamarinios) (< xamarinmac)
      System.Diagnostics.Debug (>= 4.3) - restriction: && (< monoandroid) (< net46) (>= netstandard2.0) (< xamarinios) (< xamarinmac)
      System.Globalization (>= 4.3) - restriction: && (< monoandroid) (< net46) (>= netstandard2.0) (< xamarinios) (< xamarinmac)
      System.IO (>= 4.3) - restriction: && (< monoandroid) (< net46) (>= netstandard2.0) (< xamarinios) (< xamarinmac)
      System.Resources.ResourceManager (>= 4.3) - restriction: && (< monoandroid) (< net46) (>= netstandard2.0) (< xamarinios) (< xamarinmac)
      System.Runtime (>= 4.3) - restriction: && (< monoandroid) (< net46) (>= netstandard2.0) (< xamarinios) (< xamarinmac)
      System.Runtime.Extensions (>= 4.3) - restriction: && (< monoandroid) (< net46) (>= netstandard2.0) (< xamarinios) (< xamarinmac)
      System.Text.Encoding (>= 4.3) - restriction: && (< monoandroid) (< net46) (>= netstandard2.0) (< xamarinios) (< xamarinmac)
      System.Threading (>= 4.3) - restriction: && (< monoandroid) (< net46) (>= netstandard2.0) (< xamarinios) (< xamarinmac)
      System.Xml.ReaderWriter (>= 4.3) - restriction: && (< monoandroid) (< net46) (>= netstandard2.0) (< xamarinios) (< xamarinmac)
    System.Xml.XPath (4.3) - restriction: >= netcoreapp2.1
      System.Collections (>= 4.3) - restriction: && (< monoandroid) (< net46) (>= netstandard2.0) (< xamarinios) (< xamarinmac)
      System.Diagnostics.Debug (>= 4.3) - restriction: && (< monoandroid) (< net46) (>= netstandard2.0) (< xamarinios) (< xamarinmac)
      System.Globalization (>= 4.3) - restriction: && (< monoandroid) (< net46) (>= netstandard2.0) (< xamarinios) (< xamarinmac)
      System.IO (>= 4.3) - restriction: && (< monoandroid) (< net46) (>= netstandard2.0) (< xamarinios) (< xamarinmac)
      System.Resources.ResourceManager (>= 4.3) - restriction: && (< monoandroid) (< net46) (>= netstandard2.0) (< xamarinios) (< xamarinmac)
      System.Runtime (>= 4.3) - restriction: && (< monoandroid) (< net46) (>= netstandard2.0) (< xamarinios) (< xamarinmac)
      System.Runtime.Extensions (>= 4.3) - restriction: && (< monoandroid) (< net46) (>= netstandard2.0) (< xamarinios) (< xamarinmac)
      System.Threading (>= 4.3) - restriction: && (< monoandroid) (< net46) (>= netstandard2.0) (< xamarinios) (< xamarinmac)
      System.Xml.ReaderWriter (>= 4.3) - restriction: && (< monoandroid) (< net46) (>= netstandard2.0) (< xamarinios) (< xamarinmac)
    System.Xml.XPath.XmlDocument (4.3) - restriction: >= netcoreapp2.1
      System.Collections (>= 4.3) - restriction: && (< monoandroid) (< net46) (>= netstandard2.0) (< xamarinios) (< xamarinmac)
      System.Globalization (>= 4.3) - restriction: && (< monoandroid) (< net46) (>= netstandard2.0) (< xamarinios) (< xamarinmac)
      System.IO (>= 4.3) - restriction: && (< monoandroid) (< net46) (>= netstandard2.0) (< xamarinios) (< xamarinmac)
      System.Resources.ResourceManager (>= 4.3) - restriction: && (< monoandroid) (< net46) (>= netstandard2.0) (< xamarinios) (< xamarinmac)
      System.Runtime (>= 4.3) - restriction: && (< monoandroid) (< net46) (>= netstandard2.0) (< xamarinios) (< xamarinmac)
      System.Runtime.Extensions (>= 4.3) - restriction: && (< monoandroid) (< net46) (>= netstandard2.0) (< xamarinios) (< xamarinmac)
      System.Threading (>= 4.3) - restriction: && (< monoandroid) (< net46) (>= netstandard2.0) (< xamarinios) (< xamarinmac)
      System.Xml.ReaderWriter (>= 4.3) - restriction: && (< monoandroid) (< net46) (>= netstandard2.0) (< xamarinios) (< xamarinmac)
      System.Xml.XmlDocument (>= 4.3) - restriction: || (&& (< monoandroid) (>= netstandard2.0) (< xamarinios) (< xamarinmac)) (&& (>= net46) (>= netstandard2.0))
      System.Xml.XPath (>= 4.3) - restriction: || (&& (< monoandroid) (>= netstandard2.0) (< xamarinios) (< xamarinmac)) (&& (>= net46) (>= netstandard2.0))
